GEM
  remote: https://rubygems.org/
  specs:
    minitest (2.5.1)
    rake (0.9.2.2)

PLATFORMS
  ruby

DEPENDENCIES
  minitest
  rake
